GEM
  remote: https://rubygems.org/
  specs:
    bigdecimal (3.1.8)
    rack (3.1.8)
    sequel (5.87.0)
      bigdecimal

PLATFORMS
  ruby
  x86_64-linux

DEPENDENCIES
  rack
  sequel

BUNDLED WITH
   2.5.22
